NUGET
  remote: https://api.nuget.org/v3/index.json
    Autofac (3.5.2) - framework: >= net461
    Chronic.Signed (0.3.2) - framework: >= net461
    FAKE (4.28) - framework: >= net461
    FSharp.Compiler.Service (3.0) - framework: >= net461
    FSharp.Core (4.0.0.1) - framework: >= net452
    FSharp.Data (2.3) - framework: >= net461
    FsPickler (2.3) - framework: >= net461
    Hopac (0.3.23) - framework: >= net452
      FSharp.Core (>= 3.1.2.5) - framework: >= net10, netstandard10, netstandard11, netstandard12, netstandard13, netstandard14, netstandard15
    Http.fs (4.1) - framework: >= net452
      FSharp.Core (>= 3.1.2.5)
      Hopac (>= 0.3.21)
    Microsoft.AspNet.WebApi.Client (5.2.3) - framework: >= net452
      Newtonsoft.Json (>= 6.0.4) - framework: >= net45, portable-wp80+win+wp81+wpa81
    Microsoft.AspNet.WebApi.Core (5.2.3) - framework: >= net452
      Microsoft.AspNet.WebApi.Client (>= 5.2.3)
    Microsoft.Bot.Builder (3.5.3) - framework: >= net461
      Autofac (>= 3.5.2)
      Chronic.Signed (>= 0.3.2)
      Microsoft.AspNet.WebApi.Core (>= 5.2.3)
      Microsoft.IdentityModel.Protocol.Extensions (>= 1.0.2.206221351)
      Microsoft.Rest.ClientRuntime (>= 2.3.2)
      Newtonsoft.Json (>= 8.0.3)
      System.IdentityModel.Tokens.Jwt (>= 4.0.2.206221351 < 5.0)
    Microsoft.IdentityModel.Protocol.Extensions (1.0.2.206221351) - framework: >= net461
      System.IdentityModel.Tokens.Jwt (>= 4.0.2.206221351)
    Microsoft.Rest.ClientRuntime (2.3.6) - framework: >= net452
      Newtonsoft.Json (>= 6.0.8) - framework: >= net45
    Microsoft.WindowsAzure.ConfigurationManager (3.2.3) - framework: >= net461
    Newtonsoft.Json (9.0.1) - framework: >= net452
    Suave (1.1.2) - framework: >= net461
      FSharp.Core (>= 3.1.2.5)
    SwaggerProvider (0.5.7) - framework: >= net452
      Newtonsoft.Json (>= 9.0.1)
      YamlDotNet (>= 4.1)
    System.IdentityModel.Tokens.Jwt (4.0.2.206221351) - framework: >= net45
    System.IO (4.3) - framework: >= net463
    System.Net.Http (4.3.1) - framework: >= net452
      System.Security.Cryptography.X509Certificates (>= 4.3) - framework: >= net46, dnxcore50, netstandard13, >= netstandard16
    System.Runtime (4.3) - framework: >= net463
    System.Security.Cryptography.Algorithms (4.3) - framework: >= net46
      System.IO (>= 4.3) - framework: >= net463, dnxcore50, netstandard13, netstandard14, >= netstandard16
      System.Runtime (>= 4.3) - framework: >= net463, dnxcore50, netstandard13, netstandard14, >= netstandard16
      System.Security.Cryptography.Encoding (>= 4.3) - framework: >= net463, dnxcore50, >= netstandard16
      System.Security.Cryptography.Primitives (>= 4.3) - framework: net46, net461, >= net463, dnxcore50, netstandard13, netstandard14, >= netstandard16
    System.Security.Cryptography.Encoding (4.3) - framework: >= net46
    System.Security.Cryptography.Primitives (4.3) - framework: net46, net461, >= net463
    System.Security.Cryptography.X509Certificates (4.3) - framework: >= net46
      System.Security.Cryptography.Algorithms (>= 4.3) - framework: net46, >= net461, dnxcore50, netstandard13, netstandard14, >= netstandard16
      System.Security.Cryptography.Encoding (>= 4.3) - framework: net46, >= net461, dnxcore50, netstandard13, netstandard14, >= netstandard16
    YamlDotNet (4.1) - framework: >= net452
