NUGET
  remote: http://api.nuget.org/v3/index.json
  specs:
    Autofac (3.5.2) - framework: >= net461
    Chronic.Signed (0.3.2) - framework: >= net461
    FAKE (4.28.0) - framework: >= net461
    FSharp.Compiler.Service (3.0.0) - framework: >= net461
    FSharp.Core (4.0.0.1) - framework: >= net461
    FSharp.Data (2.3.0) - framework: >= net461
    FsPickler (2.3.0) - framework: >= net461
    Microsoft.AspNet.WebApi.Client (5.2.3) - framework: >= net452
      Newtonsoft.Json (>= 6.0.4) - framework: >= net45, portable-wp80+win+net45+wp81+wpa81
    Microsoft.AspNet.WebApi.Core (5.2.3) - framework: >= net452
      Microsoft.AspNet.WebApi.Client (>= 5.2.3)
    Microsoft.Bot.Builder (1.2.3) - framework: >= net461
      Autofac (>= 3.5.2)
      Chronic.Signed (>= 0.3.2)
      Microsoft.AspNet.WebApi.Client (>= 5.2.3)
      Microsoft.AspNet.WebApi.Core (>= 5.2.3)
      Microsoft.Bot.Connector (>= 1.1)
      Microsoft.Rest.ClientRuntime (>= 1.8.2)
      Microsoft.WindowsAzure.ConfigurationManager (>= 3.2.1)
      Newtonsoft.Json (>= 8.0.3)
    Microsoft.Bot.Connector (1.1) - framework: >= net452
      Microsoft.AspNet.WebApi.Core (>= 5.2.3)
      Microsoft.Rest.ClientRuntime (>= 1.8.2 < 2.0)
      Newtonsoft.Json (>= 7.0.1)
    Microsoft.Rest.ClientRuntime (1.8.2) - framework: >= net452
      Newtonsoft.Json (>= 6.0.8) - framework: >= net45, portable45-net45+win8+wpa81
    Microsoft.WindowsAzure.ConfigurationManager (3.2.1) - framework: >= net461
    Newtonsoft.Json (8.0.3) - framework: >= net452
    Suave (1.1.2) - framework: >= net461
      FSharp.Core (>= 3.1.2.5)
