FRAMEWORK: >= NET46
NUGET
  remote: https://www.nuget.org/api/v2
    Autofac (4.3)
    Chronic.Signed (0.3.2)
    FAKE (4.50.1)
    FSharp.Core (4.1)
      System.ValueTuple (>= 4.3)
    Microsoft.AspNet.WebApi.Client (5.2.3)
      Newtonsoft.Json (>= 6.0.4)
    Microsoft.AspNet.WebApi.Core (5.2.3)
      Microsoft.AspNet.WebApi.Client (>= 5.2.3)
    Microsoft.Bot.Builder (3.5.3)
      Autofac (>= 3.5.2)
      Chronic.Signed (>= 0.3.2)
      Microsoft.AspNet.WebApi.Core (>= 5.2.3)
      Microsoft.IdentityModel.Protocol.Extensions (>= 1.0.2.206221351)
      Microsoft.Rest.ClientRuntime (>= 2.3.2)
      Newtonsoft.Json (>= 8.0.3)
      System.IdentityModel.Tokens.Jwt (>= 4.0.2.206221351 < 5.0)
    Microsoft.IdentityModel.Protocol.Extensions (1.0.4.402070948)
      System.IdentityModel.Tokens.Jwt (>= 4.0.4.402070948)
    Microsoft.Rest.ClientRuntime (2.3.5)
      Newtonsoft.Json (>= 6.0.8)
    Newtonsoft.Json (9.0.1)
    Suave (2.0.4)
      FSharp.Core (>= 4.0.0.1)
    System.IdentityModel.Tokens.Jwt (4.0.4.402070948)
    System.ValueTuple (4.3)
